PATH
  remote: .
  specs:
    sonice (2.1.2)
      anyplayer (>= 1.1.4)
      sinatra
      thin
      xml-simple

GEM
  remote: http://rubygems.org/
  specs:
    anyplayer (1.1.5)
      ruby-mpd (~> 0.3.0)
    daemons (1.3.1)
    eventmachine (1.2.7)
    mustermann (1.1.1)
      ruby2_keywords (~> 0.0.1)
    rack (2.2.3)
    rack-protection (2.1.0)
      rack
    rake (13.0.1)
    ruby-mpd (0.3.3)
    ruby2_keywords (0.0.2)
    sinatra (2.1.0)
      mustermann (~> 1.0)
      rack (~> 2.2)
      rack-protection (= 2.1.0)
      tilt (~> 2.0)
    thin (1.7.2)
      daemons (~> 1.0, >= 1.0.9)
      eventmachine (~> 1.0, >= 1.0.4)
      rack (>= 1, < 3)
    tilt (2.0.10)
    xml-simple (1.1.5)

PLATFORMS
  ruby

DEPENDENCIES
  rake
  sonice!

BUNDLED WITH
   2.1.4
