PATH
  remote: .
  specs:
    sonice (2.1.2)
      anyplayer (>= 1.1.4)
      haml
      sinatra
      thin (~> 1.6.3)
      xml-simple

GEM
  remote: http://rubygems.org/
  specs:
    anyplayer (1.1.4)
      ruby-mpd (~> 0.3.0)
    daemons (1.2.2)
    eventmachine (1.0.7)
    haml (4.0.6)
      tilt
    rack (1.6.11)
    rack-protection (1.5.5)
      rack
    rake (10.3.2)
    ruby-mpd (0.3.1)
    sinatra (1.4.6)
      rack (~> 1.4)
      rack-protection (~> 1.4)
      tilt (>= 1.3, < 3)
    thin (1.6.3)
      daemons (~> 1.0, >= 1.0.9)
      eventmachine (~> 1.0)
      rack (~> 1.0)
    tilt (2.0.1)
    xml-simple (1.1.5)

PLATFORMS
  ruby

DEPENDENCIES
  rake
  sonice!
