PATH
  remote: .
  specs:
    sonice (2.2.1)
      anyplayer (>= 1.2.1)
      sinatra
      webrick
      xml-simple

GEM
  remote: http://rubygems.org/
  specs:
    anyplayer (1.2.1)
      ruby-mpd (~> 0.3.0)
    ast (2.4.1)
    base64 (0.2.0)
    mustermann (3.0.0)
      ruby2_keywords (~> 0.0.1)
    parallel (1.19.2)
    parser (2.7.2.0)
      ast (~> 2.4.1)
    rack (3.0.8)
    rack-protection (4.0.0)
      base64 (>= 0.1.0)
      rack (>= 3.0.0, < 4)
    rack-session (2.0.0)
      rack (>= 3.0.0)
    rainbow (3.0.0)
    rake (13.1.0)
    regexp_parser (1.8.1)
    rexml (3.2.5)
    rubocop (0.93.0)
      parallel (~> 1.10)
      parser (>= 2.7.1.5)
      rainbow (>= 2.2.2, < 4.0)
      regexp_parser (>= 1.8)
      rexml
      rubocop-ast (>= 0.6.0)
      ruby-progressbar (~> 1.7)
      unicode-display_width (>= 1.4.0, < 2.0)
    rubocop-ast (0.7.1)
      parser (>= 2.7.1.5)
    ruby-mpd (0.3.3)
    ruby-progressbar (1.10.1)
    ruby2_keywords (0.0.5)
    sinatra (4.0.0)
      mustermann (~> 3.0)
      rack (>= 3.0.0, < 4)
      rack-protection (= 4.0.0)
      rack-session (>= 2.0.0, < 3)
      tilt (~> 2.0)
    tilt (2.3.0)
    unicode-display_width (1.7.0)
    webrick (1.8.1)
    xml-simple (1.1.9)
      rexml

PLATFORMS
  ruby

DEPENDENCIES
  rake
  rubocop
  sonice!

BUNDLED WITH
   2.1.4
