PATH
  remote: .
  specs:
    sonice (2.1.2)
      anyplayer (>= 1.1.4)
      haml
      sinatra
      thin (>= 1.6.3, < 1.8.0)
      xml-simple

GEM
  remote: http://rubygems.org/
  specs:
    anyplayer (1.1.5)
      ruby-mpd (~> 0.3.0)
    daemons (1.3.1)
    eventmachine (1.2.7)
    haml (5.1.2)
      temple (>= 0.8.0)
      tilt
    mustermann (1.0.3)
    rack (2.0.7)
    rack-protection (2.0.5)
      rack
    rake (10.3.2)
    ruby-mpd (0.3.3)
    sinatra (2.0.5)
      mustermann (~> 1.0)
      rack (~> 2.0)
      rack-protection (= 2.0.5)
      tilt (~> 2.0)
    temple (0.8.1)
    thin (1.7.2)
      daemons (~> 1.0, >= 1.0.9)
      eventmachine (~> 1.0, >= 1.0.4)
      rack (>= 1, < 3)
    tilt (2.0.9)
    xml-simple (1.1.5)

PLATFORMS
  ruby

DEPENDENCIES
  rake
  sonice!
